GEM
  remote: https://rubygems.org/
  specs:
    base64 (0.3.0)
    concurrent-ruby (1.3.5)
    logger (1.7.0)
    mime-types (3.7.0)
      logger
      mime-types-data (~> 3.2025, >= 3.2025.0507)
    mime-types-data (3.2025.0624)
    playwright-ruby-client (1.52.0)
      concurrent-ruby (>= 1.1.6)
      mime-types (>= 3.0)
    websocket-driver (0.8.0)
      base64
      websocket-extensions (>= 0.1.0)
    websocket-extensions (0.1.5)

PLATFORMS
  ruby

DEPENDENCIES
  playwright-ruby-client (~> 1.51)
  websocket-driver (~> 0.8.0)

BUNDLED WITH
   2.5.11
